PATH
  remote: .
  specs:
    gloudapp (1.0)
      cloudapp_api
      gtk2

GEM
  remote: http://rubygems.org/
  specs:
    atk (1.0.0)
      glib2 (>= 1.0.0)
    cairo (1.10.0)
      pkg-config
    cloudapp_api (0.3.1)
      httparty (>= 0.6.0)
      httparty (>= 0.6.0)
      mime-types
    gdk_pixbuf2 (1.0.0)
      glib2 (>= 1.0.0)
    glib2 (1.0.0)
      pkg-config
    gtk2 (1.0.0)
      atk (>= 1.0.0)
      gdk_pixbuf2 (>= 1.0.0)
      pango (>= 1.0.0)
    httparty (0.8.0)
      multi_json
      multi_xml
    mime-types (1.16)
    multi_json (1.0.3)
    multi_xml (0.4.0)
    pango (1.0.0)
      cairo (>= 1.10.0)
      glib2 (>= 1.0.0)
    pkg-config (1.1.2)

PLATFORMS
  ruby

DEPENDENCIES
  gloudapp!
